GEM
  remote: http://rubygems.org/
  specs:
    SystemTimer (1.2.3)
    archive-tar-minitar (0.5.2)
    aws-s3 (0.6.3)
      builder
      mime-types
      xml-simple
    aws-sdk (1.6.6)
      httparty (~> 0.7)
      json (~> 1.4)
      nokogiri (>= 1.4.4)
      uuidtools (~> 2.1)
    bcrypt-ruby (3.0.1)
    blobstore_client (0.3.13)
      aws-s3 (~> 0.6.2)
      httpclient (>= 2.2)
      multi_json (~> 1.1.0)
      ruby-atmos-pure (~> 1.0.5)
      uuidtools (~> 2.1.2)
    bosh_aws_cpi (0.6.2)
      aws-sdk (>= 1.3.5)
      bosh_common (>= 0.5.0)
      bosh_cpi (>= 0.4.4)
      httpclient (>= 2.2.0)
      uuidtools (>= 2.1.2)
      yajl-ruby (>= 0.8.2)
    bosh_cloudstack_cpi (0.0.8)
      bosh_common
      bosh_cpi (>= 0.4.2)
      fog (~> 1.6.0)
      httpclient
      uuidtools
      yajl-ruby
    bosh_common (0.5.0)
    bosh_cpi (0.4.4)
      bosh_common (~> 0.5)
    bosh_encryption (0.0.3)
      gibberish (~> 1.2.0)
      uuidtools (~> 2.1.2)
      yajl-ruby
    bosh_openstack_cpi (0.0.3)
      bosh_common (>= 0.5.0)
      bosh_cpi (>= 0.4.4)
      fog (>= 1.5.0)
      httpclient (>= 2.2.0)
      uuidtools (>= 2.1.2)
      yajl-ruby (>= 0.8.2)
    bosh_vsphere_cpi (0.4.10)
      bosh_common
      bosh_cpi (>= 0.4.2)
      ruby_vim_sdk
      sequel
      uuidtools
    builder (3.1.3)
    ci_reporter (1.7.2)
      builder (>= 2.1.2)
    columnize (0.3.6)
    daemons (1.1.9)
    diff-lcs (1.1.3)
    eventmachine (1.0.0)
    excon (0.16.3)
    fog (1.6.0)
      builder
      excon (~> 0.14)
      formatador (~> 0.2.0)
      mime-types
      multi_json (~> 1.0)
      net-scp (~> 1.0.4)
      net-ssh (>= 2.1.3)
      nokogiri (~> 1.5.0)
      ruby-hmac
    formatador (0.2.3)
    gibberish (1.2.0)
    guard (1.3.3)
      listen (>= 0.4.2)
      thor (>= 0.14.6)
    guard-bundler (1.0.0)
      bundler (~> 1.0)
      guard (~> 1.1)
    guard-rspec (1.2.1)
      guard (>= 1.1)
    httparty (0.9.0)
      multi_json (~> 1.0)
      multi_xml
    httpclient (2.2.7)
    jruby-pageant (1.1.1)
    json (1.7.5)
    json_pure (1.7.5)
    linecache (0.46)
      rbx-require-relative (> 0.0.4)
    linecache19 (0.5.12)
      ruby_core_source (>= 0.1.4)
    listen (0.5.1)
    log4r (1.1.10)
    machinist (1.0.6)
    mime-types (1.19)
    minitar (0.5.3)
    multi_json (1.1.0)
    multi_xml (0.5.1)
    nats (0.4.22)
      daemons (>= 1.1.4)
      eventmachine (>= 0.12.10)
      json_pure (>= 1.6.1)
      thin (>= 1.3.1)
    net-scp (1.0.4)
      net-ssh (>= 1.99.1)
    net-ssh (2.6.0)
      jruby-pageant (>= 1.1.1)
    netaddr (1.5.0)
    nokogiri (1.5.5)
    pg (0.14.1)
    rack (1.4.1)
    rack-protection (1.2.0)
      rack
    rack-test (0.6.1)
      rack (>= 1.0)
    rake (0.9.2.2)
    rbx-require-relative (0.0.9)
    rcov (1.0.0)
    redis (3.0.1)
    redis-namespace (1.2.1)
      redis (~> 3.0.0)
    resque (1.22.0)
      multi_json (~> 1.0)
      redis-namespace (~> 1.0)
      sinatra (>= 0.9.2)
      vegas (~> 0.1.2)
    rspec (2.8.0)
      rspec-core (~> 2.8.0)
      rspec-expectations (~> 2.8.0)
      rspec-mocks (~> 2.8.0)
    rspec-core (2.8.0)
    rspec-expectations (2.8.0)
      diff-lcs (~> 1.1.2)
    rspec-mocks (2.8.0)
    ruby-atmos-pure (1.0.5)
      log4r (>= 1.1.9)
      ruby-hmac (>= 0.4.0)
    ruby-debug (0.10.4)
      columnize (>= 0.1)
      ruby-debug-base (~> 0.10.4.0)
    ruby-debug-base (0.10.4)
      linecache (>= 0.3)
    ruby-debug-base19 (0.11.25)
      columnize (>= 0.3.1)
      linecache19 (>= 0.5.11)
      ruby_core_source (>= 0.1.4)
    ruby-debug19 (0.11.6)
      columnize (>= 0.3.1)
      linecache19 (>= 0.5.11)
      ruby-debug-base19 (>= 0.11.19)
    ruby-hmac (0.4.0)
    ruby_core_source (0.1.5)
      archive-tar-minitar (>= 0.5.2)
    ruby_gntp (0.3.4)
    ruby_vim_sdk (0.0.2)
      builder
      httpclient
      nokogiri
    sequel (3.39.0)
    simplecov (0.6.4)
      multi_json (~> 1.0)
      simplecov-html (~> 0.5.3)
    simplecov-html (0.5.3)
    simplecov-rcov (0.2.3)
      simplecov (>= 0.4.1)
    sinatra (1.3.3)
      rack (~> 1.3, >= 1.3.6)
      rack-protection (~> 1.2)
      tilt (~> 1.3, >= 1.3.3)
    sqlite3 (1.3.6)
    thin (1.4.1)
      daemons (>= 1.0.9)
      eventmachine (>= 0.12.6)
      rack (>= 1.0.0)
    thor (0.16.0)
    tilt (1.3.3)
    uuidtools (2.1.3)
    vegas (0.1.11)
      rack (>= 1.0.0)
    xml-simple (1.1.1)
    yajl-ruby (1.1.0)

PLATFORMS
  ruby

DEPENDENCIES
  SystemTimer
  bcrypt-ruby
  blobstore_client (~> 0.3.13)
  bosh_aws_cpi (>= 0.6.2)
  bosh_cloudstack_cpi (>= 0.0.8)
  bosh_common (>= 0.5.0)
  bosh_cpi (>= 0.4.3)
  bosh_encryption (>= 0.0.3)
  bosh_openstack_cpi (>= 0.0.3)
  bosh_vsphere_cpi (>= 0.4.10)
  ci_reporter
  eventmachine
  guard
  guard-bundler
  guard-rspec
  httpclient
  machinist (~> 1.0)
  minitar
  nats (= 0.4.22)
  netaddr
  pg
  rack-test
  rake
  rcov
  redis
  resque
  rspec (= 2.8)
  ruby-debug
  ruby-debug19
  ruby_gntp
  sequel
  simplecov
  simplecov-rcov
  sinatra
  sqlite3
  thin
  uuidtools
  yajl-ruby
