GIT
  remote: git://github.com/fog/fog.git
  revision: dfe13342a95d656f27ebf1a6508f943e97480961
  branch: master
  specs:
    fog (1.5.0)
      builder
      excon (~> 0.14)
      formatador (~> 0.2.0)
      mime-types
      multi_json (~> 1.0)
      net-scp (~> 1.0.4)
      net-ssh (>= 2.1.3)
      nokogiri (~> 1.5.0)
      ruby-hmac

PATH
  remote: .
  specs:
    bosh_cloudstack_cpi (0.0.1)
      bosh_common
      bosh_cpi (>= 0.4.2)
      httpclient
      uuidtools
      yajl-ruby

GEM
  remote: http://rubygems.org/
  specs:
    bosh_common (0.5.0)
    bosh_cpi (0.4.3)
      bosh_common
    builder (3.0.0)
    ci_reporter (1.7.0)
      builder (>= 2.1.2)
    columnize (0.3.6)
    debugger (1.2.0)
      columnize (>= 0.3.1)
      debugger-linecache (~> 1.1.1)
      debugger-ruby_core_source (~> 1.1.3)
    debugger-linecache (1.1.2)
      debugger-ruby_core_source (>= 1.1.1)
    debugger-ruby_core_source (1.1.3)
    diff-lcs (1.1.3)
    excon (0.15.5)
    ffi (1.0.11)
    formatador (0.2.3)
    guard (1.1.1)
      listen (>= 0.4.2)
      thor (>= 0.14.6)
    guard-bundler (1.0.0)
      bundler (~> 1.0)
      guard (~> 1.1)
    guard-rspec (1.1.0)
      guard (>= 1.1)
    httpclient (2.2.4)
    listen (0.4.6)
      rb-fchange (~> 0.0.5)
      rb-fsevent (~> 0.9.1)
      rb-inotify (~> 0.8.8)
    mime-types (1.19)
    multi_json (1.3.6)
    net-scp (1.0.4)
      net-ssh (>= 1.99.1)
    net-ssh (2.2.2)
    nokogiri (1.5.5)
    rake (0.9.2.2)
    rb-fchange (0.0.5)
      ffi
    rb-fsevent (0.9.1)
    rb-inotify (0.8.8)
      ffi (>= 0.5.0)
    rcov (1.0.0)
    rspec (2.10.0)
      rspec-core (~> 2.10.0)
      rspec-expectations (~> 2.10.0)
      rspec-mocks (~> 2.10.0)
    rspec-core (2.10.1)
    rspec-expectations (2.10.0)
      diff-lcs (~> 1.1.3)
    rspec-mocks (2.10.1)
    ruby-hmac (0.4.0)
    ruby_gntp (0.3.4)
    simplecov (0.6.4)
      multi_json (~> 1.0)
      simplecov-html (~> 0.5.3)
    simplecov-html (0.5.3)
    simplecov-rcov (0.2.3)
      simplecov (>= 0.4.1)
    thor (0.15.3)
    uuidtools (2.1.2)
    yajl-ruby (1.1.0)

PLATFORMS
  ruby

DEPENDENCIES
  bosh_cloudstack_cpi!
  ci_reporter
  debugger
  fog!
  guard
  guard-bundler
  guard-rspec
  rake
  rcov
  rspec (~> 2.10)
  ruby_gntp
  simplecov
  simplecov-rcov
